PATH
  remote: .
  specs:
    linkparser (1.0.6)

GEM
  remote: http://rubygems.org/
  specs:
    RedCloth (4.2.3)
    diff-lcs (1.1.2)
    rake (0.8.7)
    rake-compiler (0.7.1)
      rake (>= 0.8.3, < 0.9)
    rcodetools (0.8.5.0)
    rcov (0.9.9)
    rdoc (2.5.11)
    rspec (2.0.1)
      rspec-core (~> 2.0.1)
      rspec-expectations (~> 2.0.1)
      rspec-mocks (~> 2.0.1)
    rspec-core (2.0.1)
    rspec-expectations (2.0.1)
      diff-lcs (>= 1.1.2)
    rspec-mocks (2.0.1)
      rspec-core (~> 2.0.1)
      rspec-expectations (~> 2.0.1)
    ruby-termios (0.9.6)
    text-format (1.0.0)
      text-hyphen (~> 1.0.0)
    text-hyphen (1.0.0)
    tmail (1.2.7.1)

PLATFORMS
  ruby

DEPENDENCIES
  RedCloth (>= 4.0.3)
  diff-lcs (>= 1.1.2)
  linkparser!
  rake (>= 0.8.7)
  rake-compiler (~> 0.7.1)
  rcodetools (>= 0.7.0.0)
  rcov (>= 0.8.1.2.0)
  rdoc (>= 2.4.3)
  rspec (~> 2.0.1)
  ruby-termios (>= 0.9.6)
  text-format (>= 1.0.0)
  tmail (>= 1.2.3.1)
